GEM
  remote: https://rubygems.org/
  specs:
    eventmachine (1.2.7)
    httparty (0.22.0)
      mini_mime (>= 1.0.0)
      multi_xml (>= 0.5.2)
    mini_mime (1.1.5)
    multi_xml (0.7.1)
    rack (3.1.7)
    rack-protection (3.2.0)
      rack (~> 3.0)
    sinatra (3.2.0)
      rack (~> 3.0)
      rack-protection (= 3.2.0)
      tilt (~> 2.0)
    thin (1.8.2)
      daemons (~> 1.0, >= 1.0.9)
      eventmachine (~> 1.0, >= 1.0.4)
      rack (>= 1, < 3)
    tilt (2.4.0)

PLATFORMS
  x86_64-linux

DEPENDENCIES
  httparty (~> 0.22)
  sinatra (~> 3.0)
  thin (~> 1.8)
  tilt (~> 2.3)

BUNDLED WITH
   2.5.6


